GEM
  remote: https://rubygems.org/
  specs:
    activesupport (4.0.0)
      i18n (~> 0.6, >= 0.6.4)
      minitest (~> 4.2)
      multi_json (~> 1.3)
      thread_safe (~> 0.1)
      tzinfo (~> 0.3.37)
    atomic (1.1.10)
    highline (1.6.19)
    i18n (0.6.4)
    json (1.8.0)
    logger (1.2.8)
    mail (2.5.4)
      mime-types (~> 1.16)
      treetop (~> 1.4.8)
    mime-types (1.23)
    minitest (4.7.5)
    multi_json (1.7.7)
    net-ssh (2.6.8)
    nokogiri (1.5.10)
    polyglot (0.3.3)
    rest-client (1.6.7)
      mime-types (>= 1.16)
    rest_connection (1.0.10)
      activesupport
      highline
      json
      net-ssh
      nokogiri (< 1.6.0)
      rest-client
    thread_safe (0.1.0)
      atomic
    treetop (1.4.14)
      polyglot
      polyglot (>= 0.3.1)
    tzinfo (0.3.37)

PLATFORMS
  ruby

DEPENDENCIES
  highline
  json
  logger
  mail
  rest_connection
